GEM
  remote: https://rubygems.org/
  specs:
    base64 (0.2.0)
    connection_pool (2.4.1)
    dotenv (3.1.4)
    json (2.8.1)
    logger (1.6.1)
    nio4r (2.7.4)
    puma (6.4.3)
      nio4r (~> 2.0)
    rack (2.2.10)
    redis (4.8.1)
    sidekiq (6.5.12)
      connection_pool (>= 2.2.5, < 3)
      rack (~> 2.0)
      redis (>= 4.5.0, < 5)
    sidekiq-prometheus-exporter (0.2.1)
      rack (>= 1.6.0)
      sidekiq (>= 4.1.0)

PLATFORMS
  ruby
  x86_64-linux

DEPENDENCIES
  base64 (~> 0.2)
  dotenv (~> 3.1, >= 3.1.4)
  json (~> 2.8, >= 2.8.1)
  logger (~> 1.6.1)
  puma
  redis (~> 4.8.1)
  sidekiq (~> 6.5.12)
  sidekiq-prometheus-exporter (~> 0.2.1)

BUNDLED WITH
   2.5.11
