GEM
  remote: https://rubygems.org/
  specs:
    connection_pool (2.4.1)
    dotenv (3.1.4)
    logger (1.6.1)
    rack (3.1.8)
    rackup (2.1.0)
      rack (>= 3)
      webrick (~> 1.8)
    redis-client (0.22.2)
      connection_pool
    sidekiq (7.3.4)
      connection_pool (>= 2.3.0)
      logger
      rack (>= 2.2.4)
      redis-client (>= 0.22.2)
    sidekiq-prometheus-exporter (0.2.0)
      rack (>= 1.6.0)
      sidekiq (>= 4.1.0)
    webrick (1.8.2)

PLATFORMS
  ruby
  x86_64-linux

DEPENDENCIES
  dotenv
  rackup
  sidekiq-prometheus-exporter (~> 0.1)

BUNDLED WITH
   2.5.11
